GEM
  remote: https://rubygems.org/
  specs:
    bigdecimal (3.1.9)
    csv (3.3.4)
    dotenv (2.8.1)
    httparty (0.23.1)
      csv
      mini_mime (>= 1.0.0)
      multi_xml (>= 0.5.2)
    logger (1.7.0)
    mini_mime (1.1.5)
    multi_xml (0.7.1)
      bigdecimal (~> 3.1)
    nokogiri (1.18.8-arm64-darwin)
      racc (~> 1.4)
    parallel (1.27.0)
    racc (1.8.1)
    taglib-ruby (1.1.3)

PLATFORMS
  arm64-darwin-23

DEPENDENCIES
  dotenv (~> 2.8)
  httparty (~> 0.21)
  logger (~> 1.5)
  nokogiri (~> 1.15)
  parallel (~> 1.23)
  taglib-ruby (~> 1.0)

BUNDLED WITH
   2.3.26
